GEM
  remote: https://rubygems.org/
  specs:
    ast (2.4.0)
    awesome_print (1.8.0)
    backticks (1.0.2)
    bropages (0.0.15)
      commander
      highline
      json_pure
      rest-client
      smart_colored
    bundler-audit (0.6.0)
      bundler (~> 1.2)
      thor (~> 0.18)
    cheat (1.3.3)
      pager (~> 1.0)
    cloudapp_api (0.5.0)
      httparty (~> 0.13.5)
      mime-types (>= 1.16)
    coderay (1.1.2)
    colored (1.2)
    commander (4.4.5)
      highline (~> 1.7.2)
    daemons (1.2.6)
    diff-lcs (1.3)
    docker-compose (1.1.9)
      backticks (~> 1.0)
    docker-sync (0.5.7)
      daemons (~> 1.2, >= 1.2.3)
      docker-compose (~> 1.1, >= 1.1.7)
      dotenv (~> 2.1, >= 2.1.1)
      gem_update_checker (~> 0.2.0, >= 0.2.0)
      os
      terminal-notifier (= 2.0.0)
      thor (~> 0.20, >= 0.20.0)
    domain_name (0.5.20180417)
      unf (>= 0.0.5, < 1.0.0)
    dotenv (2.4.0)
    erubis (2.7.0)
    ffi (1.9.25)
    gem_update_checker (0.2.0)
    gist (5.0.0)
    git-up (0.5.12)
      colored (>= 1.2)
      grit
    github-markup (2.0.0)
    grit (2.0.0)
      diff-lcs (>= 1.1.2)
      mime-types (>= 1.15)
    highline (1.7.10)
    hirb (0.7.3)
    hirb-unicode (0.0.5)
      hirb (~> 0.5)
      unicode-display_width (~> 0.1.1)
    hpricot (0.8.6)
    http-cookie (1.0.3)
      domain_name (~> 0.5)
    httparty (0.13.7)
      json (~> 1.8)
      multi_xml (>= 0.5.2)
    interactive_editor (0.0.11)
      spoon (>= 0.0.1)
    json (1.8.6)
    json_pure (2.1.0)
    mdless (0.0.10)
    method_source (0.9.0)
    mime-types (3.1)
      mime-types-data (~> 3.2015)
    mime-types-data (3.2016.0521)
    msgpack (1.2.4)
    multi_json (1.13.1)
    multi_xml (0.6.0)
    mustermann (2.0.2)
      ruby2_keywords (~> 0.0.1)
    neovim (0.7.1)
      msgpack (~> 1.1)
      multi_json (~> 1.0)
    netrc (0.11.0)
    os (1.0.0)
    pager (1.0.1)
    parser (2.5.1.0)
      ast (~> 2.4.0)
    powerpack (0.1.2)
    pry (0.11.3)
      coderay (~> 1.1.0)
      method_source (~> 0.9.0)
    pry-doc (0.13.4)
      pry (~> 0.11)
      yard (~> 0.9.11)
    pry-theme (1.2.0)
      coderay (~> 1.1)
    rack (2.2.4)
    rack-protection (2.2.3)
      rack
    rainbow (2.2.2)
      rake
    rak (1.4)
    rake (12.3.1)
    rcodetools (0.8.5.0)
    redcarpet (3.4.0)
    rest-client (2.0.2)
      http-cookie (>= 1.0.2, < 2.0)
      mime-types (>= 1.16, < 4.0)
      netrc (~> 0.8)
    rubocop (0.36.0)
      parser (>= 2.3.0.0, < 3.0)
      powerpack (~> 0.1)
      rainbow (>= 1.99.1, < 3.0)
      ruby-progressbar (~> 1.7)
    ruby-progressbar (1.9.0)
    ruby2_keywords (0.0.5)
    sinatra (2.2.3)
      mustermann (~> 2.0)
      rack (~> 2.2)
      rack-protection (= 2.2.3)
      tilt (~> 2.0)
    smart_colored (1.1.1)
    spoon (0.0.6)
      ffi
    terminal-notifier (2.0.0)
    thor (0.20.0)
    tilt (2.0.8)
    tmuxinator (0.11.3)
      erubis (~> 2.6)
      thor (~> 0.19, >= 0.15.0)
      xdg (~> 2.2, >= 2.2.3)
    unf (0.1.4)
      unf_ext
    unf_ext (0.0.7.5)
    unicode-display_width (0.1.1)
    video_transcoding (0.19.0)
    wirble (0.1.3)
    xdg (2.2.3)
    yard (0.9.14)

PLATFORMS
  ruby

DEPENDENCIES
  awesome_print
  bropages
  bundler-audit
  cheat
  cloudapp_api
  docker-sync
  gist
  git-up
  github-markup
  highline
  hirb-unicode
  hpricot
  interactive_editor
  mdless
  neovim
  pry
  pry-doc
  pry-theme
  rak
  rake
  rcodetools
  redcarpet
  rubocop
  sinatra
  thor
  tilt
  tmuxinator
  video_transcoding
  wirble

BUNDLED WITH
   1.17.2
