GEM
  remote: http://rubygems.org/
  specs:
    albino (1.3.3)
      posix-spawn (>= 0.3.6)
    awesome_print (1.0.2)
    bundler-audit (0.1.2)
      bundler (~> 1.2)
    cheat (1.3.0)
    cloudapp_api (0.3.3)
      httparty (>= 0.6.0)
      httparty (>= 0.6.0)
      mime-types
    coderay (1.0.5)
    diff-lcs (1.1.3)
    domain_name (0.5.4)
      unf (~> 0.0.3)
    github-markup (0.7.1)
    gollum (1.3.1)
      albino (~> 1.3.2)
      github-markup (>= 0.4.0, < 1.0.0)
      grit (~> 2.4.1)
      mustache (>= 0.11.2, < 1.0.0)
      nokogiri (~> 1.4)
      redcarpet
      sanitize (~> 2.0.0)
      sinatra (~> 1.0)
    grit (2.4.1)
      diff-lcs (~> 1.1)
      mime-types (~> 1.15)
    highline (1.6.11)
    hirb (0.6.1)
    hirb-unicode (0.0.5)
      hirb (~> 0.5)
      unicode-display_width (~> 0.1.1)
    hpricot (0.8.6)
    httparty (0.8.1)
      multi_json
      multi_xml
    interactive_editor (0.0.10)
      spoon (>= 0.0.1)
    mechanize (2.5.1)
      domain_name (~> 0.5, >= 0.5.1)
      mime-types (~> 1.17, >= 1.17.2)
      net-http-digest_auth (~> 1.1, >= 1.1.1)
      net-http-persistent (~> 2.5, >= 2.5.2)
      nokogiri (~> 1.4)
      ntlm-http (~> 0.1, >= 0.1.1)
      webrobots (~> 0.0, >= 0.0.9)
    method_source (0.7.1)
    mime-types (1.17.2)
    multi_json (1.1.0)
    multi_xml (0.4.2)
    mustache (0.99.4)
    net-http-digest_auth (1.2.1)
    net-http-persistent (2.8)
    nokogiri (1.5.5)
    ntlm-http (0.1.1)
    posix-spawn (0.3.6)
    progressbar (0.11.0)
    pry (0.9.8.4)
      coderay (~> 1.0.5)
      method_source (~> 0.7.1)
      slop (>= 2.4.4, < 3)
    rack (1.4.1)
    rack-protection (1.2.0)
      rack
    rake (0.9.2.2)
    redcarpet (2.1.0)
    rest-client (1.6.7)
      mime-types (>= 1.16)
    rvm (1.9.2)
    sanitize (2.0.3)
      nokogiri (>= 1.4.4, < 1.6)
    sinatra (1.3.2)
      rack (~> 1.3, >= 1.3.6)
      rack-protection (~> 1.2)
      tilt (~> 1.3, >= 1.3.3)
    slop (2.4.4)
    spoon (0.0.1)
    thor (0.14.6)
    tilt (1.3.3)
    tmuxinator (0.5.0)
    unf (0.0.5)
      unf_ext
    unf_ext (0.0.5)
    unicode-display_width (0.1.1)
    viddl-rb (0.75)
      mechanize
      nokogiri
      progressbar
      rest-client
    webrobots (0.0.13)
    wirble (0.1.3)

PLATFORMS
  ruby

DEPENDENCIES
  awesome_print
  bundler-audit
  cheat
  cloudapp_api
  github-markup
  gollum
  highline
  hirb-unicode
  hpricot
  interactive_editor
  pry
  rake
  redcarpet
  rvm
  sinatra
  thor
  tilt
  tmuxinator
  viddl-rb
  wirble
