GEM
  remote: https://rubygems.org/
  specs:
    ast (2.0.0)
    astrolabe (1.3.0)
      parser (>= 2.2.0.pre.3, < 3.0)
    awesome_print (1.6.1)
    backports (3.6.4)
    blankslate (3.1.3)
    bropages (0.1.0)
      commander (= 4.1.5)
      highline (= 1.6.20)
      json_pure (= 1.8.1)
      mime-types (~> 1.19.0)
      rest-client
      smart_colored
    bundler-audit (0.3.1)
      bundler (~> 1.2)
      thor (~> 0.18)
    cheat (1.3.3)
      pager (~> 1.0)
    cloudapp_api (0.4.0)
      httparty
      httparty
      mime-types
    coderay (1.1.0)
    colored (1.2)
    commander (4.1.5)
      highline (~> 1.6.11)
    diff-lcs (1.2.5)
    erubis (2.7.0)
    escape_utils (0.2.4)
    fastri (0.3.1.1)
    ffi (1.0.11)
    gem-ctags (1.0.6)
    gist (4.3.0)
    git-up (0.5.12)
      colored (>= 1.2)
      grit
    github-markdown (0.6.8)
    github-markup (0.7.5)
    gollum (2.2.1)
      escape_utils (= 0.2.4)
      github-markdown
      github-markup (>= 0.7.0, < 1.0.0)
      grit (~> 2.5.0)
      mustache (>= 0.11.2, < 1.0.0)
      nokogiri (~> 1.4)
      pygments.rb (~> 0.2.0)
      sanitize (~> 2.0.0)
      sinatra (~> 1.0)
      stringex (~> 1.4.0)
      useragent (~> 0.4.9)
    grit (2.5.0)
      diff-lcs (~> 1.1)
      mime-types (~> 1.15)
      posix-spawn (~> 0.3.6)
    highline (1.6.20)
    hirb (0.7.3)
    hirb-unicode (0.0.5)
      hirb (~> 0.5)
      unicode-display_width (~> 0.1.1)
    hpricot (0.8.6)
    httparty (0.13.3)
      json (~> 1.8)
      multi_xml (>= 0.5.2)
    interactive_editor (0.0.10)
      spoon (>= 0.0.1)
    json (1.8.2)
    json_pure (1.8.1)
    method_source (0.8.2)
    mime-types (1.19)
    mini_portile (0.6.2)
    multi_xml (0.5.5)
    mustache (0.99.8)
    netrc (0.10.2)
    nokogiri (1.6.6.2)
      mini_portile (~> 0.6.0)
    oj (2.11.4)
    pager (1.0.1)
    parser (2.2.0.2)
      ast (>= 1.1, < 3.0)
    posix-spawn (0.3.9)
    powerpack (0.1.0)
    pry (0.10.1)
      coderay (~> 1.1.0)
      method_source (~> 0.8.1)
      slop (~> 3.4)
    pry-doc (0.6.0)
      pry (~> 0.9)
      yard (~> 0.8)
    pry-theme (1.1.3)
      coderay (~> 1.1)
      json (~> 1.8)
    pygments.rb (0.2.13)
      rubypython (~> 0.5.3)
    rack (1.6.0)
    rainbow (2.0.0)
    rak (1.4)
    rake (10.4.2)
    rcodetools (0.8.5.0)
    redcarpet (3.2.2)
    rest-client (1.7.2)
      mime-types (>= 1.16, < 3.0)
      netrc (~> 0.7)
    rubocop (0.29.0)
      astrolabe (~> 1.3)
      parser (>= 2.2.0.1, < 3.0)
      powerpack (~> 0.1)
      rainbow (>= 1.99.1, < 3.0)
      ruby-progressbar (~> 1.4)
    ruby-progressbar (1.7.1)
    rubypython (0.5.3)
      blankslate (>= 2.1.2.3)
      ffi (~> 1.0.7)
    sanitize (2.0.6)
      nokogiri (>= 1.4.4)
    sinatra (1.0)
      rack (>= 1.0)
    slop (3.6.0)
    smart_colored (1.1.1)
    spoon (0.0.4)
      ffi
    starscope (1.3.1)
      backports (~> 3.6)
      oj (~> 2.9)
      parser (~> 2.1)
      ruby-progressbar (~> 1.5)
    stringex (1.4.0)
    thor (0.19.1)
    tilt (2.0.1)
    tmuxinator (0.6.9)
      erubis (~> 2.6)
      thor (~> 0.19, >= 0.15.0)
    unicode-display_width (0.1.1)
    useragent (0.4.16)
    wirble (0.1.3)
    yard (0.8.7.6)

PLATFORMS
  ruby

DEPENDENCIES
  awesome_print
  bropages
  bundler-audit
  cheat
  cloudapp_api
  fastri
  gem-ctags
  gist
  git-up
  github-markup
  gollum
  highline
  hirb-unicode
  hpricot
  interactive_editor
  pry
  pry-doc
  pry-theme
  rak
  rake
  rcodetools
  redcarpet
  rubocop
  sinatra
  starscope
  thor
  tilt
  tmuxinator
  wirble
