GEM
  remote: https://rubygems.org/
  specs:
    bundler-audit (0.9.1)
      bundler (>= 1.2.0, < 3)
      thor (~> 1.0)
    coderay (1.1.3)
    erubis (2.7.0)
    highline (2.0.3)
    method_source (1.0.0)
    msgpack (1.5.3)
    multi_json (1.15.0)
    neovim (0.9.0)
      msgpack (~> 1.1)
      multi_json (~> 1.0)
    pry (0.14.1)
      coderay (~> 1.1)
      method_source (~> 1.0)
    pry-doc (1.3.0)
      pry (~> 0.11)
      yard (~> 0.9.11)
    pry-theme (1.3.1)
      coderay (~> 1.1)
    rake (13.0.6)
    thor (1.2.1)
    tmuxinator (3.0.5)
      erubis (~> 2.6)
      thor (~> 1.2.1)
      xdg (~> 2.2, >= 2.2.5)
    webrick (1.7.0)
    xdg (2.2.5)
    yard (0.9.28)
      webrick (~> 1.7.0)

PLATFORMS
  arm64-darwin-22
  x86_64-darwin-21

DEPENDENCIES
  bundler-audit
  highline
  neovim
  pry
  pry-doc
  pry-theme
  rake
  tmuxinator

BUNDLED WITH
   2.3.18
