GEM
  remote: https://rubygems.org/
  specs:
    ast (2.2.0)
    awesome_print (1.6.1)
    backticks (1.0.0)
    bropages (0.1.0)
      commander (= 4.1.5)
      highline (= 1.6.20)
      json_pure (= 1.8.1)
      mime-types (~> 1.19.0)
      rest-client
      smart_colored
    bundler-audit (0.4.0)
      bundler (~> 1.2)
      thor (~> 0.18)
    charlock_holmes (0.7.3)
    cheat (1.3.3)
      pager (~> 1.0)
    cloudapp_api (0.5.0)
      httparty (~> 0.13.5)
      mime-types (>= 1.16)
    coderay (1.1.0)
    colored (1.2)
    commander (4.1.5)
      highline (~> 1.6.11)
    daemons (1.2.4)
    diff-lcs (1.2.5)
    docker-compose (1.0.4)
      backticks (~> 1.0)
    docker-sync (0.2.0)
      daemons (~> 1.2, >= 1.2.3)
      docker-compose (~> 1.0, >= 1.0.2)
      dotenv (~> 2.1, >= 2.1.1)
      gem_update_checker (~> 0.2.0, >= 0.2.0)
      terminal-notifier (= 1.6.3)
      thor (~> 0.19, >= 0.19.0)
    domain_name (0.5.25)
      unf (>= 0.0.5, < 1.0.0)
    dotenv (2.2.0)
    erubis (2.7.0)
    fastri (0.3.1.1)
    ffi (1.9.10)
    gem-ctags (1.0.7)
    gem_update_checker (0.2.0)
    gist (4.5.0)
    git-up (0.5.12)
      colored (>= 1.2)
      grit
    github-markup (1.3.3)
    gitlab-grit (2.7.3)
      charlock_holmes (~> 0.6)
      diff-lcs (~> 1.1)
      mime-types (~> 1.15)
      posix-spawn (~> 0.3)
    gollum (4.0.1)
      gollum-lib (~> 4.0, >= 4.0.1)
      kramdown (~> 1.8.0)
      mustache (>= 0.99.5, < 1.0.0)
      sinatra (~> 1.4, >= 1.4.4)
      useragent (~> 0.14.0)
    gollum-grit_adapter (1.0.0)
      gitlab-grit (~> 2.7, >= 2.7.1)
    gollum-lib (4.1.0)
      github-markup (~> 1.3.3)
      gollum-grit_adapter (~> 1.0)
      nokogiri (~> 1.6.4)
      rouge (~> 1.9)
      sanitize (~> 2.1.0)
      stringex (~> 2.5.1)
    grit (2.5.0)
      diff-lcs (~> 1.1)
      mime-types (~> 1.15)
      posix-spawn (~> 0.3.6)
    highline (1.6.20)
    hirb (0.7.3)
    hirb-unicode (0.0.5)
      hirb (~> 0.5)
      unicode-display_width (~> 0.1.1)
    hpricot (0.8.6)
    http-cookie (1.0.2)
      domain_name (~> 0.5)
    httparty (0.13.7)
      json (~> 1.8)
      multi_xml (>= 0.5.2)
    interactive_editor (0.0.10)
      spoon (>= 0.0.1)
    json (1.8.6)
    json_pure (1.8.1)
    kramdown (1.8.0)
    mdless (0.0.8)
    method_source (0.8.2)
    mime-types (1.19)
    mini_portile2 (2.0.0)
    msgpack (1.1.0)
    multi_xml (0.5.5)
    mustache (0.99.8)
    neovim (0.4.0)
      msgpack (~> 1.0)
    netrc (0.11.0)
    nokogiri (1.6.7.2)
      mini_portile2 (~> 2.0.0.rc2)
    pager (1.0.1)
    parser (2.3.0.1)
      ast (~> 2.2)
    posix-spawn (0.3.11)
    powerpack (0.1.1)
    pry (0.10.3)
      coderay (~> 1.1.0)
      method_source (~> 0.8.1)
      slop (~> 3.4)
    pry-doc (0.8.0)
      pry (~> 0.9)
      yard (~> 0.8)
    pry-theme (1.1.3)
      coderay (~> 1.1)
      json (~> 1.8)
    rack (1.6.4)
    rack-protection (1.5.3)
      rack
    rainbow (2.0.0)
    rak (1.4)
    rake (12.3.3)
    rcodetools (0.8.5.0)
    redcarpet (3.3.4)
    rest-client (1.8.0)
      http-cookie (>= 1.0.2, < 2.0)
      mime-types (>= 1.16, < 3.0)
      netrc (~> 0.7)
    rouge (1.10.1)
    rubocop (0.36.0)
      parser (>= 2.3.0.0, < 3.0)
      powerpack (~> 0.1)
      rainbow (>= 1.99.1, < 3.0)
      ruby-progressbar (~> 1.7)
    ruby-progressbar (1.7.5)
    sanitize (2.1.0)
      nokogiri (>= 1.4.4)
    sinatra (1.4.6)
      rack (~> 1.4)
      rack-protection (~> 1.4)
      tilt (>= 1.3, < 3)
    slop (3.6.0)
    smart_colored (1.1.1)
    spoon (0.0.4)
      ffi
    stringex (2.5.2)
    terminal-notifier (1.6.3)
    thor (0.19.1)
    tilt (2.0.2)
    tmuxinator (0.7.1)
      erubis (~> 2.6)
      thor (~> 0.19, >= 0.15.0)
    unf (0.1.4)
      unf_ext
    unf_ext (0.0.7.1)
    unicode-display_width (0.1.1)
    useragent (0.14.0)
    video_transcoding (0.12.2)
    wirble (0.1.3)
    yard (0.8.7.6)

PLATFORMS
  ruby

DEPENDENCIES
  awesome_print
  bropages
  bundler-audit
  cheat
  cloudapp_api
  docker-sync
  fastri
  gem-ctags
  gist
  git-up
  github-markup
  gollum
  highline
  hirb-unicode
  hpricot
  interactive_editor
  mdless
  neovim
  pry
  pry-doc
  pry-theme
  rak
  rake
  rcodetools
  redcarpet
  rubocop
  sinatra
  thor
  tilt
  tmuxinator
  video_transcoding
  wirble

BUNDLED WITH
   1.14.3
