GEM
  remote: http://rubygems.org/
  specs:
    addressable (2.2.7)
    albino (1.3.3)
      posix-spawn (>= 0.3.6)
    archive-tar-minitar (0.5.2)
    awesome_print (1.0.2)
    cheat (1.3.0)
    childprocess (0.3.1)
      ffi (~> 1.0.6)
    cloudapp_api (0.3.3)
      httparty (>= 0.6.0)
      httparty (>= 0.6.0)
      mime-types
    coderay (1.0.5)
    diff-lcs (1.1.3)
    erubis (2.7.0)
    ffi (1.0.11)
    github-markup (0.7.1)
    gollum (1.3.1)
      albino (~> 1.3.2)
      github-markup (>= 0.4.0, < 1.0.0)
      grit (~> 2.4.1)
      mustache (>= 0.11.2, < 1.0.0)
      nokogiri (~> 1.4)
      redcarpet
      sanitize (~> 2.0.0)
      sinatra (~> 1.0)
    grit (2.4.1)
      diff-lcs (~> 1.1)
      mime-types (~> 1.15)
    heroku (2.21.3)
      launchy (>= 0.3.2)
      netrc (~> 0.7.1)
      rest-client (~> 1.6.1)
      rubyzip
    highline (1.6.11)
    hirb (0.6.1)
    hirb-unicode (0.0.5)
      hirb (~> 0.5)
      unicode-display_width (~> 0.1.1)
    hpricot (0.8.6)
    httparty (0.8.1)
      multi_json
      multi_xml
    i18n (0.6.0)
    interactive_editor (0.0.10)
      spoon (>= 0.0.1)
    json (1.5.4)
    launchy (2.0.5)
      addressable (~> 2.2.6)
    log4r (1.1.10)
    method_source (0.7.1)
    mime-types (1.17.2)
    multi_json (1.1.0)
    multi_xml (0.4.2)
    mustache (0.99.4)
    net-scp (1.0.4)
      net-ssh (>= 1.99.1)
    net-ssh (2.2.2)
    netrc (0.7.1)
    nokogiri (1.5.2)
    posix-spawn (0.3.6)
    pry (0.9.8.4)
      coderay (~> 1.0.5)
      method_source (~> 0.7.1)
      slop (>= 2.4.4, < 3)
    rack (1.4.1)
    rack-protection (1.2.0)
      rack
    rake (0.9.2.2)
    redcarpet (2.1.0)
    rest-client (1.6.7)
      mime-types (>= 1.16)
    rubyzip (0.9.6.1)
    rvm (1.9.2)
    sanitize (2.0.3)
      nokogiri (>= 1.4.4, < 1.6)
    sinatra (1.3.2)
      rack (~> 1.3, >= 1.3.6)
      rack-protection (~> 1.2)
      tilt (~> 1.3, >= 1.3.3)
    slop (2.4.4)
    spoon (0.0.1)
    thor (0.14.6)
    tilt (1.3.3)
    tmuxinator (0.5.0)
    unicode-display_width (0.1.1)
    vagrant (1.0.1)
      archive-tar-minitar (= 0.5.2)
      childprocess (~> 0.3.1)
      erubis (~> 2.7.0)
      i18n (~> 0.6.0)
      json (~> 1.5.1)
      log4r (~> 1.1.9)
      net-scp (~> 1.0.4)
      net-ssh (~> 2.2.2)
    viddl-rb (0.65)
      nokogiri
    wirble (0.1.3)

PLATFORMS
  ruby

DEPENDENCIES
  awesome_print
  cheat
  cloudapp_api
  gollum
  heroku
  highline
  hirb-unicode
  hpricot
  interactive_editor
  pry
  rake
  rvm
  sinatra
  thor
  tmuxinator
  vagrant
  viddl-rb
  wirble
