GEM
  remote: https://rubygems.org/
  specs:
    ast (1.1.0)
    awesome_print (1.1.0)
    bropages (0.0.15)
      commander
      highline
      json_pure
      rest-client
      smart_colored
    bundler-audit (0.1.2)
      bundler (~> 1.2)
    cheat (1.3.3)
      pager (~> 1.0)
    cloudapp_api (0.3.3)
      httparty (>= 0.6.0)
      httparty (>= 0.6.0)
      mime-types
    coderay (1.0.9)
    commander (4.1.5)
      highline (~> 1.6.11)
    diff-lcs (1.2.4)
    fastri (0.3.1.1)
    ffi (1.7.0)
    gem-ctags (1.0.6)
    github-markdown (0.5.3)
    github-markup (0.7.5)
    gollum (2.4.13)
      gollum-lib (~> 1.0.0)
      mustache (>= 0.99.4, < 1.0.0)
      sinatra (~> 1.4.2)
      useragent (~> 0.4.16)
    gollum-lib (1.0.0)
      github-markdown (~> 0.5.3)
      github-markup (>= 0.7.5, < 1.0.0)
      grit (~> 2.5.0)
      nokogiri (~> 1.5.9)
      pygments.rb (~> 0.4.2)
      sanitize (~> 2.0.3)
      stringex (~> 1.5.1)
    grit (2.5.0)
      diff-lcs (~> 1.1)
      mime-types (~> 1.15)
      posix-spawn (~> 0.3.6)
    highline (1.6.18)
    hirb (0.7.1)
    hirb-unicode (0.0.5)
      hirb (~> 0.5)
      unicode-display_width (~> 0.1.1)
    hpricot (0.8.6)
    httparty (0.11.0)
      multi_json (~> 1.0)
      multi_xml (>= 0.5.2)
    interactive_editor (0.0.10)
      spoon (>= 0.0.1)
    json (1.8.1)
    json_pure (1.8.1)
    method_source (0.8.1)
    mime-types (1.23)
    multi_json (1.7.2)
    multi_xml (0.5.3)
    mustache (0.99.4)
    nokogiri (1.5.9)
    pager (1.0.1)
    parser (2.0.0.beta5)
      ast (~> 1.0)
      slop (~> 3.4)
    posix-spawn (0.3.6)
    pry (0.9.12.1)
      coderay (~> 1.0.5)
      method_source (~> 0.8)
      slop (~> 3.4)
    pry-doc (0.5.1)
      pry (>= 0.9)
      yard (>= 0.8)
    pry-theme (1.0.1)
      json
    pygments.rb (0.4.2)
      posix-spawn (~> 0.3.6)
      yajl-ruby (~> 1.1.0)
    rack (1.5.2)
    rack-protection (1.5.0)
      rack
    rainbow (1.99.1)
    rak (1.4)
    rake (10.0.4)
    rb-appscript (0.6.1)
    rcodetools (0.8.5.0)
    redcarpet (2.2.2)
    rest-client (1.6.7)
      mime-types (>= 1.16)
    rubocop (0.8.3)
      parser (= 2.0.0.beta5)
      rainbow (>= 1.1.4)
    sanitize (2.0.3)
      nokogiri (>= 1.4.4, < 1.6)
    sinatra (1.4.2)
      rack (~> 1.5, >= 1.5.2)
      rack-protection (~> 1.4)
      tilt (~> 1.3, >= 1.3.4)
    slop (3.4.4)
    smart_colored (1.1.1)
    spoon (0.0.3)
      ffi
    stringex (1.5.1)
    tilt (1.3.7)
    unicode-display_width (0.1.1)
    useragent (0.4.16)
    wirble (0.1.3)
    yajl-ruby (1.1.0)
    yard (0.8.7.3)

PLATFORMS
  ruby

DEPENDENCIES
  awesome_print
  bropages
  bundler-audit
  cheat
  cloudapp_api
  fastri
  gem-ctags
  github-markup
  gollum
  highline
  hirb-unicode
  hpricot
  interactive_editor
  pry
  pry-doc
  pry-theme
  rak
  rake
  rcodetools
  redcarpet
  rubocop
  sinatra
  tilt
  wirble
