GEM
  remote: https://rubygems.org/
  specs:
    awesome_print (1.1.0)
    bundler-audit (0.1.2)
      bundler (~> 1.2)
    cheat (1.3.3)
      pager (~> 1.0)
    cloudapp_api (0.3.3)
      httparty (>= 0.6.0)
      httparty (>= 0.6.0)
      mime-types
    coderay (1.0.9)
    diff-lcs (1.2.1)
    domain_name (0.5.7)
      unf (~> 0.0.3)
    github-markdown (0.5.3)
    github-markup (0.7.5)
    gollum (2.4.11)
      github-markdown (~> 0.5.3)
      github-markup (>= 0.7.4, < 1.0.0)
      grit (~> 2.5.0)
      mustache (>= 0.99.4, < 1.0.0)
      nokogiri (~> 1.5.5)
      pygments.rb (~> 0.3.2)
      sanitize (~> 2.0.3)
      sinatra (~> 1.3.3)
      stringex (~> 1.5.1)
      useragent (~> 0.4.15)
    grit (2.5.0)
      diff-lcs (~> 1.1)
      mime-types (~> 1.15)
      posix-spawn (~> 0.3.6)
    highline (1.6.15)
    hirb (0.7.1)
    hirb-unicode (0.0.5)
      hirb (~> 0.5)
      unicode-display_width (~> 0.1.1)
    hpricot (0.8.6)
    httparty (0.10.2)
      multi_json (~> 1.0)
      multi_xml (>= 0.5.2)
    interactive_editor (0.0.10)
      spoon (>= 0.0.1)
    mechanize (2.5.1)
      domain_name (~> 0.5, >= 0.5.1)
      mime-types (~> 1.17, >= 1.17.2)
      net-http-digest_auth (~> 1.1, >= 1.1.1)
      net-http-persistent (~> 2.5, >= 2.5.2)
      nokogiri (~> 1.4)
      ntlm-http (~> 0.1, >= 0.1.1)
      webrobots (~> 0.0, >= 0.0.9)
    method_source (0.8.1)
    mime-types (1.21)
    multi_json (1.6.1)
    multi_xml (0.5.3)
    mustache (0.99.4)
    net-http-digest_auth (1.2.1)
    net-http-persistent (2.8)
    nokogiri (1.5.6)
    ntlm-http (0.1.1)
    pager (1.0.1)
    posix-spawn (0.3.6)
    progressbar (0.20.0)
    pry (0.9.12)
      coderay (~> 1.0.5)
      method_source (~> 0.8)
      slop (~> 3.4)
    pygments.rb (0.3.7)
      posix-spawn (~> 0.3.6)
      yajl-ruby (~> 1.1.0)
    rack (1.5.2)
    rack-protection (1.3.2)
      rack
    rake (10.0.3)
    redcarpet (2.2.2)
    rvm (1.11.3.6)
    sanitize (2.0.3)
      nokogiri (>= 1.4.4, < 1.6)
    sinatra (1.3.5)
      rack (~> 1.4)
      rack-protection (~> 1.3)
      tilt (~> 1.3, >= 1.3.3)
    slop (3.4.3)
    spoon (0.0.1)
    stringex (1.5.1)
    thor (0.17.0)
    tilt (1.3.3)
    tmuxinator (0.5.0)
    unf (0.0.5)
      unf_ext
    unf_ext (0.0.6)
    unicode-display_width (0.1.1)
    useragent (0.4.16)
    viddl-rb (0.77)
      mechanize
      nokogiri
      progressbar
    webrobots (0.1.0)
    wirble (0.1.3)
    yajl-ruby (1.1.0)

PLATFORMS
  ruby

DEPENDENCIES
  awesome_print
  bundler-audit
  cheat
  cloudapp_api
  github-markup
  gollum
  highline
  hirb-unicode
  hpricot
  interactive_editor
  pry
  rake
  redcarpet
  rvm
  sinatra
  thor
  tilt
  tmuxinator
  viddl-rb
  wirble
